GEM
  remote: https://rubygems.org/
  specs:
    addressable (2.8.5)
      public_suffix (>= 2.0.2, < 6.0)
    colored (1.2)
    concurrent-ruby (1.2.2)
    cri (2.15.11)
    ddmetrics (1.1.0)
    ddplugin (1.0.3)
    diff-lcs (1.5.0)
    immutable-ruby (0.1.0)
      concurrent-ruby (~> 1.1)
      sorted_set (~> 1.0)
    json_schema (0.21.0)
    memo_wise (1.8.0)
    nanoc (4.12.18)
      addressable (~> 2.5)
      colored (~> 1.2)
      nanoc-checking (~> 1.0, >= 1.0.2)
      nanoc-cli (= 4.12.18)
      nanoc-core (= 4.12.18)
      nanoc-deploying (~> 1.0)
      parallel (~> 1.12)
      tty-command (~> 0.8)
      tty-which (~> 0.4)
    nanoc-checking (1.0.2)
      nanoc-cli (~> 4.12, >= 4.12.4)
      nanoc-core (~> 4.12, >= 4.12.4)
    nanoc-cli (4.12.18)
      cri (~> 2.15)
      diff-lcs (~> 1.3)
      nanoc-core (= 4.12.18)
      zeitwerk (~> 2.1)
    nanoc-core (4.12.18)
      concurrent-ruby (~> 1.1)
      ddmetrics (~> 1.0)
      ddplugin (~> 1.0)
      immutable-ruby (~> 0.1)
      json_schema (~> 0.19)
      memo_wise (~> 1.5)
      psych (~> 4.0)
      slow_enumerator_tools (~> 1.0)
      tty-platform (~> 0.2)
      zeitwerk (~> 2.1)
    nanoc-deploying (1.0.2)
      nanoc-checking (~> 1.0)
      nanoc-cli (~> 4.11, >= 4.11.15)
      nanoc-core (~> 4.11, >= 4.11.15)
    parallel (1.23.0)
    pastel (0.8.0)
      tty-color (~> 0.5)
    psych (4.0.6)
      stringio
    public_suffix (5.0.3)
    rbtree (0.4.6)
    set (1.0.3)
    slow_enumerator_tools (1.1.0)
    sorted_set (1.0.3)
      rbtree
      set (~> 1.0)
    stringio (3.0.4)
    tty-color (0.6.0)
    tty-command (0.10.1)
      pastel (~> 0.8)
    tty-platform (0.3.0)
    tty-which (0.5.0)
    zeitwerk (2.6.12)

PLATFORMS
  x64-mingw-ucrt

DEPENDENCIES
  nanoc (~> 4.12)

BUNDLED WITH
   2.4.10
